GEM
  remote: https://rubygems.org/
  specs:
    ffi (1.16.3)
    rubyzip (2.3.2)
    smartcard (0.5.6)
      ffi (>= 1.2.0)
      rubyzip (>= 0.9.9)
      zerg_support (>= 0.1.6)
      zip-zip (>= 0.3)
    zerg_support (0.1.6)
    zip-zip (0.3)
      rubyzip (>= 1.0.0)

PLATFORMS
  ruby
  x86_64-linux

DEPENDENCIES
  smartcard

BUNDLED WITH
   2.5.1
